PATH
  remote: .
  specs:
    fluent-plugin-mysql-json (0.1.0)
      fluentd (>= 0.14.10, < 2)
      jsonpath
      mysql2-cs-bind

GEM
  remote: https://rubygems.org/
  specs:
    cool.io (1.5.3)
    dig_rb (1.0.1)
    fluentd (1.0.2)
      cool.io (>= 1.4.5, < 2.0.0)
      dig_rb (~> 1.0.0)
      http_parser.rb (>= 0.5.1, < 0.7.0)
      msgpack (>= 0.7.0, < 2.0.0)
      serverengine (>= 2.0.4, < 3.0.0)
      sigdump (~> 0.2.2)
      strptime (~> 0.1)
      tzinfo (~> 1.0)
      tzinfo-data (~> 1.0)
      yajl-ruby (~> 1.0)
    http_parser.rb (0.6.0)
    jsonpath (0.8.10)
      multi_json
    msgpack (1.2.0)
    multi_json (1.12.2)
    mysql2 (0.4.10)
    mysql2-cs-bind (0.0.6)
      mysql2
    power_assert (1.1.1)
    rake (12.3.0)
    serverengine (2.0.5)
      sigdump (~> 0.2.2)
    sigdump (0.2.4)
    strptime (0.2.2)
    test-unit (3.2.7)
      power_assert
    thread_safe (0.3.6)
    tzinfo (1.2.4)
      thread_safe (~> 0.1)
    tzinfo-data (1.2017.3)
      tzinfo (>= 1.0.0)
    yajl-ruby (1.3.1)

PLATFORMS
  ruby

DEPENDENCIES
  bundler (~> 1.14)
  fluent-plugin-mysql-json!
  rake (~> 12.0)
  test-unit (~> 3.0)

BUNDLED WITH
   1.15.4
